GIT
  remote: git://github.com/resque/resque.git
  revision: 9e0f4fa1869749c86258ff9ccba936617c4b1ed8
  specs:
    resque (2.0.0.pre.1)
      json
      mono_logger (~> 1.0)
      redis-namespace (>= 1.3.0)
      thor (~> 0.17)

GEM
  remote: http://rubygems.org/
  specs:
    coderay (1.0.9)
    diff-lcs (1.1.3)
    foreman (0.40.0)
      term-ansicolor (~> 1.0.7)
      thor (>= 0.13.6)
    json (1.8.1)
    method_source (0.8.2)
    mime-types (1.25)
    mono_logger (1.1.0)
    multimap (1.1.2)
    pry (0.9.12.2)
      coderay (~> 1.0.5)
      method_source (~> 0.8)
      slop (~> 3.4)
    rake (10.0.3)
    redis (3.0.5)
    redis-namespace (1.3.1)
      redis (~> 3.0.0)
    rest-client (1.6.7)
      mime-types (>= 1.16)
    rspec (2.8.0)
      rspec-core (~> 2.8.0)
      rspec-expectations (~> 2.8.0)
      rspec-mocks (~> 2.8.0)
    rspec-core (2.8.0)
    rspec-expectations (2.8.0)
      diff-lcs (~> 1.1.2)
    rspec-mocks (2.8.0)
    slop (3.4.6)
    term-ansicolor (1.0.7)
    thor (0.18.1)

PLATFORMS
  ruby

DEPENDENCIES
  foreman
  multimap
  pry
  rake
  resque (~> 2.0.0.pre.1)!
  rest-client
  rspec
